GIT
  remote: https://github.com/sendgrid/sendgrid-ruby
  revision: 0fbf579c0f7ed1dff87adc4957c4dc5a6b257068
  specs:
    sendgrid-ruby (1.1.6)
      faraday (~> 0.9)
      mimemagic
      smtpapi (~> 0.1)

GEM
  remote: http://rubygems.org/
  specs:
    faraday (0.9.2)
      multipart-post (>= 1.2, < 3)
    mimemagic (0.3.0)
    multipart-post (2.0.0)
    rack (1.6.4)
    rack-protection (1.5.3)
      rack
    sinatra (1.4.6)
      rack (~> 1.4)
      rack-protection (~> 1.4)
      tilt (>= 1.3, < 3)
    smtpapi (0.1.0)
    tilt (2.0.1)

PLATFORMS
  ruby

DEPENDENCIES
  sendgrid-ruby!
  sinatra

BUNDLED WITH
   1.11.2
